GEM
  remote: https://rubygems.org/
  specs:
    addressable (2.4.0)
    crack (0.4.3)
      safe_yaml (~> 1.0.0)
    diff-lcs (1.3)
    dotenv (2.2.1)
    hashdiff (0.3.5)
    mini_portile2 (2.1.0)
    nokogiri (1.7.2)
      mini_portile2 (~> 2.1.0)
    rack (1.6.12)
    rack-protection (1.5.3)
      rack
    rake (12.0.0)
    redis (3.3.3)
    rspec (3.6.0)
      rspec-core (~> 3.6.0)
      rspec-expectations (~> 3.6.0)
      rspec-mocks (~> 3.6.0)
    rspec-core (3.6.0)
      rspec-support (~> 3.6.0)
    rspec-expectations (3.6.0)
      diff-lcs (>= 1.2.0, < 2.0)
      rspec-support (~> 3.6.0)
    rspec-mocks (3.6.0)
      diff-lcs (>= 1.2.0, < 2.0)
      rspec-support (~> 3.6.0)
    rspec-support (3.6.0)
    safe_yaml (1.0.4)
    sinatra (1.4.8)
      rack (~> 1.5)
      rack-protection (~> 1.4)
      tilt (>= 1.3, < 3)
    tilt (2.0.5)
    webmock (3.0.1)
      addressable (>= 2.3.6)
      crack (>= 0.3.2)
      hashdiff

PLATFORMS
  ruby

DEPENDENCIES
  dotenv
  nokogiri
  rake
  redis
  rspec
  sinatra
  webmock

RUBY VERSION
   ruby 2.2.3p173

BUNDLED WITH
   1.15.3
